GEM
  remote: https://rubygems.org/
  specs:
    bigdecimal (3.1.8)
    bson (4.15.0)
    diff-lcs (1.5.1)
    httparty (0.18.1)
      mime-types (~> 3.0)
      multi_xml (>= 0.5.2)
    mime-types (3.5.2)
      mime-types-data (~> 3.2015)
    mime-types-data (3.2024.0702)
    mongo (2.13.1)
      bson (>= 4.8.2, < 5.0.0)
    multi_xml (0.7.1)
      bigdecimal (~> 3.1)
    rspec (3.10.0)
      rspec-core (~> 3.10.0)
      rspec-expectations (~> 3.10.0)
      rspec-mocks (~> 3.10.0)
    rspec-core (3.10.2)
      rspec-support (~> 3.10.0)
    rspec-expectations (3.10.2)
      diff-lcs (>= 1.2.0, < 2.0)
      rspec-support (~> 3.10.0)
    rspec-mocks (3.10.3)
      diff-lcs (>= 1.2.0, < 2.0)
      rspec-support (~> 3.10.0)
    rspec-support (3.10.3)
    rspec_junit_formatter (0.6.0)
      rspec-core (>= 2, < 4, != 2.12.0)

PLATFORMS
  x64-mingw-ucrt

DEPENDENCIES
  httparty (= 0.18.1)
  mongo (= 2.13.1)
  rspec (= 3.10)
  rspec_junit_formatter (~> 0.6.0)

BUNDLED WITH
   2.5.11
